PATH
  remote: .
  specs:
    catbreeds (0.1.0)
      dotenv
      httparty
      json

GEM
  remote: https://rubygems.org/
  specs:
    dotenv (2.7.2)
    httparty (0.17.0)
      mime-types (~> 3.0)
      multi_xml (>= 0.5.2)
    json (2.1.0)
    mime-types (3.2.2)
      mime-types-data (~> 3.2015)
    mime-types-data (3.2019.0331)
    multi_xml (0.6.0)
    rake (10.5.0)

PLATFORMS
  ruby

DEPENDENCIES
  bundler (~> 2.0)
  catbreeds!
  rake (~> 10.0)

BUNDLED WITH
   2.1.4
